GEM
  remote: http://rubygems.org/
  specs:
    builder (3.0.0)
    git (1.2.5)
    hoe (3.0.6)
      rake (~> 0.8)
    jeweler (1.8.4)
      bundler (~> 1.0)
      git (>= 1.2.5)
      rake
      rdoc
    json (1.7.3)
    metaclass (0.0.1)
    mocha (0.12.0)
      metaclass (~> 0.0.1)
    nokogiri (1.5.5)
    rake (0.9.2.2)
    rdoc (3.12)
      json (~> 1.4)
    test-unit (1.2.3)
      hoe (>= 1.5.1)

PLATFORMS
  ruby

DEPENDENCIES
  builder (>= 2.1.2)
  jeweler
  mocha (>= 0.9)
  nokogiri (~> 1.5)
  rake
  test-unit (= 1.2.3)
